GEM
  remote: https://rubygems.org/
  specs:
    builder (3.2.2)
    httpclient (2.6.0.1)
    json (1.8.3)
    jwt (1.5.1)
    multi_json (1.11.2)
    pusher (0.14.6)
      httpclient (~> 2.5)
      multi_json (~> 1.0)
      pusher-signature (~> 0.1.8)
    pusher-client (0.6.2)
      json
      websocket (~> 1.0)
    pusher-signature (0.1.8)
    rack (1.6.4)
    rack-protection (1.5.3)
      rack
    sinatra (1.4.6)
      rack (~> 1.4)
      rack-protection (~> 1.4)
      tilt (>= 1.3, < 3)
    tilt (2.0.1)
    twilio-ruby (4.5.0)
      builder (>= 2.1.2)
      jwt (~> 1.0)
      multi_json (>= 1.3.0)
    websocket (1.2.2)

PLATFORMS
  ruby

DEPENDENCIES
  pusher
  pusher-client
  sinatra
  twilio-ruby
